GEM
  remote: https://rubygems.org/
  specs:
    builder (3.2.2)
    coderay (1.1.1)
    diff-lcs (1.2.5)
    docker-api (1.32.1)
      excon (>= 0.38.0)
      json
    erubis (2.7.0)
    excon (0.54.0)
    ffi (1.9.14)
    gssapi (1.2.0)
      ffi (>= 1.0.1)
    gyoku (1.3.1)
      builder (>= 2.1.2)
    hashie (3.4.6)
    httpclient (2.8.2.4)
    inspec (1.3.0)
      hashie (~> 3.4)
      json (>= 1.8, < 3.0)
      method_source (~> 0.8)
      mixlib-log
      parallel (~> 1.9)
      pry (~> 0)
      rainbow (~> 2)
      rspec (~> 3)
      rspec-its (~> 1.2)
      rubyzip (~> 1.1)
      sslshake (~> 1)
      thor (~> 0.19)
      train (>= 0.20.1, < 1.0)
    json (1.8.3)
    little-plugger (1.1.4)
    logging (2.1.0)
      little-plugger (~> 1.1)
      multi_json (~> 1.10)
    method_source (0.8.2)
    mixlib-log (1.7.1)
    mixlib-shellout (2.2.7)
    multi_json (1.12.1)
    net-scp (1.2.1)
      net-ssh (>= 2.6.5)
    net-ssh (3.2.0)
    nori (2.6.0)
    parallel (1.9.0)
    pry (0.10.4)
      coderay (~> 1.1.0)
      method_source (~> 0.8.1)
      slop (~> 3.4)
    rainbow (2.1.0)
    rspec (3.5.0)
      rspec-core (~> 3.5.0)
      rspec-expectations (~> 3.5.0)
      rspec-mocks (~> 3.5.0)
    rspec-core (3.5.4)
      rspec-support (~> 3.5.0)
    rspec-expectations (3.5.0)
      diff-lcs (>= 1.2.0, < 2.0)
      rspec-support (~> 3.5.0)
    rspec-its (1.2.0)
      rspec-core (>= 3.0.0)
      rspec-expectations (>= 3.0.0)
    rspec-mocks (3.5.0)
      diff-lcs (>= 1.2.0, < 2.0)
      rspec-support (~> 3.5.0)
    rspec-support (3.5.0)
    rubyntlm (0.6.1)
    rubyzip (1.2.0)
    slop (3.6.0)
    sslshake (1.0.12)
    thor (0.19.1)
    train (0.20.1)
      docker-api (~> 1.26)
      json (>= 1.8, < 3.0)
      mixlib-shellout (~> 2.0)
      net-scp (~> 1.2)
      net-ssh (>= 2.9, < 4.0)
      winrm (~> 2.0)
      winrm-fs (~> 1.0)
    winrm (2.1.0)
      builder (>= 2.1.2)
      erubis (~> 2.7)
      gssapi (~> 1.2)
      gyoku (~> 1.0)
      httpclient (~> 2.2, >= 2.2.0.2)
      logging (>= 1.6.1, < 3.0)
      nori (~> 2.0)
      rubyntlm (~> 0.6.0, >= 0.6.1)
    winrm-fs (1.0.0)
      erubis (~> 2.7)
      logging (>= 1.6.1, < 3.0)
      rubyzip (~> 1.1)
      winrm (~> 2.0)

PLATFORMS
  ruby

DEPENDENCIES
  inspec (~> 1.3)

BUNDLED WITH
   1.13.6
